GIT
  remote: git://github.com/raphaelcm/Refinery-CMS-Resource-Documents.git
  revision: d6928f8d06811022483cc8699bd484c35dea4685
  specs:
    refinerycms-resource_documents (1.0)

GIT
  remote: git://github.com/raphaelcm/resource_guides.git
  revision: dcbddc3fa885c56268db78e28cda4a393b5f8d9e
  specs:
    refinerycms-resource_guides (1.0)

GIT
  remote: git://github.com/resolve/refinerycms-page-images.git
  revision: dc8a303434dbf139df8078a5d370b6318f7c4a37
  specs:
    refinerycms-page-images (1.0.4)
      refinerycms-pages (>= 0.9.9.1)

GIT
  remote: git://github.com/wikyd/refinerycms-blog.git
  revision: 767346b6941dbdff3aa2ef1f58a87429597da212
  branch: custom_teasers
  specs:
    refinerycms-blog (1.6.0)
      acts-as-taggable-on
      filters_spam (~> 0.2)
      refinerycms-core (~> 1.0.0)
      seo_meta (~> 1.1.0)

GEM
  remote: http://rubygems.org/
  specs:
    abstract (1.0.0)
    actionmailer (3.0.8)
      actionpack (= 3.0.8)
      mail (~> 2.2.19)
    actionpack (3.0.8)
      activemodel (= 3.0.8)
      activesupport (= 3.0.8)
      builder (~> 2.1.2)
      erubis (~> 2.6.6)
      i18n (~> 0.5.0)
      rack (~> 1.2.1)
      rack-mount (~> 0.6.14)
      rack-test (~> 0.5.7)
      tzinfo (~> 0.3.23)
    activemodel (3.0.8)
      activesupport (= 3.0.8)
      builder (~> 2.1.2)
      i18n (~> 0.5.0)
    activerecord (3.0.8)
      activemodel (= 3.0.8)
      activesupport (= 3.0.8)
      arel (~> 2.0.10)
      tzinfo (~> 0.3.23)
    activeresource (3.0.8)
      activemodel (= 3.0.8)
      activesupport (= 3.0.8)
    activesupport (3.0.8)
    acts-as-taggable-on (2.1.1)
      rails
    acts_as_indexed (0.7.2)
    arel (2.0.10)
    awesome_nested_set (2.0.0)
      activerecord (>= 3.0.0)
    babosa (0.3.5)
    bcrypt-ruby (2.1.4)
    builder (2.1.2)
    database_cleaner (0.6.7)
    devise (1.3.4)
      bcrypt-ruby (~> 2.1.2)
      orm_adapter (~> 0.0.3)
      warden (~> 1.0.3)
    diff-lcs (1.1.2)
    dragonfly (0.9.4)
      rack
    erubis (2.6.6)
      abstract (>= 1.0.0)
    fakeweb (1.3.0)
    ffi (1.0.9)
    filters_spam (0.3)
    friendly_id_globalize3 (3.2.1.3)
      babosa (~> 0.3.0)
    globalize3 (0.1.0)
      activemodel (>= 3.0.0)
      activerecord (>= 3.0.0)
    guard (0.4.2)
      thor (~> 0.14.6)
    guard-bundler (0.1.3)
      bundler (>= 1.0.0)
      guard (>= 0.2.2)
    guard-rspec (0.4.0)
      guard (>= 0.4.0)
    i18n (0.5.0)
    mail (2.2.19)
      activesupport (>= 2.3.6)
      i18n (>= 0.4.0)
      mime-types (~> 1.16)
      treetop (~> 1.4.8)
    mime-types (1.16)
    orm_adapter (0.0.5)
    polyglot (0.3.1)
    rack (1.2.3)
    rack-cache (1.0.2)
      rack (>= 0.4)
    rack-mount (0.6.14)
      rack (>= 1.0.0)
    rack-test (0.5.7)
      rack (>= 1.0)
    rails (3.0.8)
      actionmailer (= 3.0.8)
      actionpack (= 3.0.8)
      activerecord (= 3.0.8)
      activeresource (= 3.0.8)
      activesupport (= 3.0.8)
      bundler (~> 1.0)
      railties (= 3.0.8)
    railties (3.0.8)
      actionpack (= 3.0.8)
      activesupport (= 3.0.8)
      rake (>= 0.8.7)
      thor (~> 0.14.4)
    rake (0.9.2)
    refinerycms (1.0.0)
      bundler (~> 1.0)
      refinerycms-authentication (= 1.0.0)
      refinerycms-base (= 1.0.0)
      refinerycms-core (= 1.0.0)
      refinerycms-dashboard (= 1.0.0)
      refinerycms-images (= 1.0.0)
      refinerycms-pages (= 1.0.0)
      refinerycms-resources (= 1.0.0)
      refinerycms-settings (= 1.0.0)
    refinerycms-authentication (1.0.0)
      devise (~> 1.3.0)
      friendly_id_globalize3 (~> 3.2.1)
      refinerycms-core (= 1.0.0)
    refinerycms-base (1.0.0)
    refinerycms-core (1.0.0)
      acts_as_indexed (~> 0.7)
      awesome_nested_set (~> 2.0)
      friendly_id_globalize3 (~> 3.2.1)
      globalize3 (~> 0.1)
      rails (~> 3.0.7)
      refinerycms-base (= 1.0.0)
      refinerycms-generators (~> 1.0)
      refinerycms-settings (= 1.0.0)
      truncate_html (~> 0.5)
      will_paginate (~> 3.0.pre)
    refinerycms-dashboard (1.0.0)
      refinerycms-core (= 1.0.0)
    refinerycms-generators (1.0.2)
    refinerycms-images (1.0.0)
      dragonfly (~> 0.9.0)
      rack-cache (>= 0.5.3)
      refinerycms-core (= 1.0.0)
    refinerycms-pages (1.0.0)
      awesome_nested_set (~> 2.0)
      friendly_id_globalize3 (~> 3.2.1)
      globalize3 (~> 0.1)
      refinerycms-core (= 1.0.0)
      seo_meta (~> 1.1)
    refinerycms-resources (1.0.0)
      dragonfly (~> 0.9.0)
      rack-cache (>= 0.5.3)
      refinerycms-core (= 1.0.0)
    refinerycms-settings (1.0.0)
      refinerycms-base (= 1.0.0)
    refinerycms-settings-initializer (0.9.1)
      refinerycms-settings (~> 1.0.0)
    rspec (2.6.0)
      rspec-core (~> 2.6.0)
      rspec-expectations (~> 2.6.0)
      rspec-mocks (~> 2.6.0)
    rspec-core (2.6.4)
    rspec-expectations (2.6.0)
      diff-lcs (~> 1.1.2)
    rspec-mocks (2.6.0)
    rspec-rails (2.6.1)
      actionpack (~> 3.0)
      activesupport (~> 3.0)
      railties (~> 3.0)
      rspec (~> 2.6.0)
    seo_meta (1.1.1)
      refinerycms-generators (~> 1.0.1)
    thor (0.14.6)
    treetop (1.4.9)
      polyglot (>= 0.3.1)
    truncate_html (0.5.1)
    tzinfo (0.3.28)
    warden (1.0.4)
      rack (>= 1.0)
    will_paginate (3.0.pre2)

PLATFORMS
  ruby

DEPENDENCIES
  database_cleaner
  fakeweb
  ffi
  guard-bundler
  guard-rspec
  refinerycms
  refinerycms-blog!
  refinerycms-page-images (~> 1.0)!
  refinerycms-resource_documents!
  refinerycms-resource_guides!
  refinerycms-settings-initializer
  rspec-rails (>= 2.6.0)
